PATH
  remote: .
  specs:
    etl (0.1.2)
      aws-sdk (>= 2.0, < 3.0)
      clamp
      influxdb
      mysql2
      newrelic_rpm
      pg
      ruby-odbc
      sequel
      slack-notifier
      tzinfo
      tzinfo-data

GEM
  remote: https://rubygems.org/
  specs:
    activesupport (5.1.4)
      concurrent-ruby (~> 1.0, >= 1.0.2)
      i18n (~> 0.7)
      minitest (~> 5.1)
      tzinfo (~> 1.1)
    amq-protocol (2.2.0)
    aws-sdk (2.10.52)
      aws-sdk-resources (= 2.10.52)
    aws-sdk-core (2.10.52)
      aws-sigv4 (~> 1.0)
      jmespath (~> 1.0)
    aws-sdk-resources (2.10.52)
      aws-sdk-core (= 2.10.52)
    aws-sigv4 (1.0.2)
    bunny (2.7.0)
      amq-protocol (>= 2.2.0)
    clamp (1.1.2)
    concurrent-ruby (1.0.5)
    diff-lcs (1.3)
    factory_girl (4.8.0)
      activesupport (>= 3.0.0)
    forgery (0.6.0)
    i18n (0.8.6)
    influxdb (0.4.1)
    jmespath (1.3.1)
    minitest (5.10.3)
    mysql2 (0.4.9)
    newrelic_rpm (4.4.0.336)
    pg (0.21.0)
    rspec-core (3.6.0)
      rspec-support (~> 3.6.0)
    rspec-expectations (3.6.0)
      diff-lcs (>= 1.2.0, < 2.0)
      rspec-support (~> 3.6.0)
    rspec-mocks (3.6.0)
      diff-lcs (>= 1.2.0, < 2.0)
      rspec-support (~> 3.6.0)
    rspec-support (3.6.0)
    ruby-odbc (0.99998)
    sequel (5.0.0)
    slack-notifier (2.3.1)
    thread_safe (0.3.6)
    time-warp (1.0.15)
    tzinfo (1.2.3)
      thread_safe (~> 0.1)
    tzinfo-data (1.2017.2)
      tzinfo (>= 1.0.0)

PLATFORMS
  ruby

DEPENDENCIES
  bunny
  etl!
  factory_girl
  forgery
  rspec-core
  rspec-expectations
  rspec-mocks
  time-warp

BUNDLED WITH
   1.15.4
